GEM
  remote: https://rubygems.org/
  specs:
    ansi (1.5.0)
    backports (3.8.0)
    builder (3.2.3)
    coderay (1.1.2)
    erubis (2.7.0)
    method_source (0.9.0)
    minitest (5.10.3)
    minitest-reporters (1.1.14)
      ansi
      builder
      minitest (>= 5.0)
      ruby-progressbar
    multi_json (1.12.2)
    pg (0.21.0)
    pry (0.11.1)
      coderay (~> 1.1.0)
      method_source (~> 0.9.0)
    puma (3.11.0)
    rack (1.6.8)
    rack-protection (1.5.3)
      rack
    rack-test (0.7.0)
      rack (>= 1.0, < 3)
    rake (12.1.0)
    ruby-progressbar (1.8.1)
    sinatra (1.4.8)
      rack (~> 1.5)
      rack-protection (~> 1.4)
      tilt (>= 1.3, < 3)
    sinatra-contrib (1.4.7)
      backports (>= 2.0)
      multi_json
      rack-protection
      rack-test
      sinatra (~> 1.4.0)
      tilt (>= 1.3, < 3)
    tilt (2.0.8)

PLATFORMS
  ruby

DEPENDENCIES
  erubis
  minitest
  minitest-reporters
  pg
  pry
  puma
  rake
  sinatra (~> 1.4.7)
  sinatra-contrib

RUBY VERSION
   ruby 2.7.0p0

BUNDLED WITH
   2.1.4
